GEM
  remote: http://rubygems.org/
  specs:
    actionpack (2.3.9)
      activesupport (= 2.3.9)
      rack (~> 1.1.0)
    activesupport (2.3.9)
    gemcutter (0.6.1)
    git (1.2.5)
    jeweler (1.4.0)
      gemcutter (>= 0.1.0)
      git (>= 1.2.5)
      rubyforge (>= 2.0.0)
    json_pure (1.4.6)
    mocha (0.9.8)
      rake
    rack (1.1.0)
    rake (0.8.7)
    rspec (1.3.0)
    rubyforge (2.0.4)
      json_pure (>= 1.1.7)

PLATFORMS
  ruby

DEPENDENCIES
  actionpack (~> 2.3.9)
  activesupport (~> 2.3.9)
  bundler (~> 1.0.0)
  jeweler (~> 1.4.0)
  mocha (~> 0.9.8)
  rspec (~> 1.3.0)
